GEM
  remote: https://rubygems.org/
  specs:
    awesome_print (1.6.1)
    bind-it (0.2.7)
      rjb (~> 1.4.3)
    execjs (2.5.2)
    hike (1.2.3)
    json (1.8.3)
    libv8 (3.16.14.11)
    marky_markov (0.3.5)
      msgpack
    msgpack (0.5.9)
    multi_json (1.11.2)
    opal (0.6.3)
      source_map
      sprockets
    opal-activesupport (0.1.0)
      opal (>= 0.5.0, < 1.0.0)
    rack (1.6.4)
    rack-protection (1.5.3)
      rack
    react-jsx (0.8.0)
      execjs (>= 2.0.2)
      json (>= 1.8.0)
      react-source (>= 0.4.1)
    react-source (0.13.3)
    react.rb (0.3.0)
      opal (~> 0.6.0)
      opal-activesupport (~> 0)
      react-jsx (~> 0.8.0)
      sprockets (>= 2.2.3, < 3.0.0)
      therubyracer (~> 0)
    ref (2.0.0)
    rhymes (1.0.0)
    rjb (1.4.9)
    ruby_rhymes (0.1.2)
    sinatra (1.4.6)
      rack (~> 1.4)
      rack-protection (~> 1.4)
      tilt (>= 1.3, < 3)
    source_map (3.0.1)
      json
    sprockets (2.12.4)
      hike (~> 1.2)
      multi_json (~> 1.0)
      rack (~> 1.0)
      tilt (~> 1.1, != 1.3.0)
    sqlite3 (1.3.10)
    stanford-core-nlp (0.5.1)
      bind-it (~> 0.2.5)
    string_to_ipa (0.1.2)
      sqlite3
    therubyracer (0.12.2)
      libv8 (~> 3.16.14.0)
      ref
    tilt (1.4.1)
    trollop (2.1.2)

PLATFORMS
  ruby

DEPENDENCIES
  awesome_print
  marky_markov
  opal
  react.rb
  rhymes
  ruby_rhymes
  sinatra
  stanford-core-nlp
  string_to_ipa
  trollop
