GEM
  remote: https://rubygems.org/
  specs:
    activemodel (4.2.3)
      activesupport (= 4.2.3)
      builder (~> 3.1)
    activerecord (4.2.3)
      activemodel (= 4.2.3)
      activesupport (= 4.2.3)
      arel (~> 6.0)
    activesupport (4.2.3)
      i18n (~> 0.7)
      json (~> 1.7, >= 1.7.7)
      minitest (~> 5.1)
      thread_safe (~> 0.3, >= 0.3.4)
      tzinfo (~> 1.1)
    arel (6.0.2)
    awesome_print (1.6.1)
    bind-it (0.2.7)
      rjb (~> 1.4.3)
    builder (3.2.2)
    execjs (2.5.2)
    hike (1.2.3)
    i18n (0.7.0)
    json (1.8.3)
    libv8 (3.16.14.11)
    loggability (0.11.0)
    marky_markov (0.3.5)
      msgpack
    minitest (5.7.0)
    msgpack (0.5.9)
    multi_json (1.11.2)
    opal (0.6.3)
      source_map
      sprockets
    opal-activesupport (0.1.0)
      opal (>= 0.5.0, < 1.0.0)
    rack (1.6.4)
    rack-protection (1.5.3)
      rack
    rake (10.4.2)
    react-jsx (0.8.0)
      execjs (>= 2.0.2)
      json (>= 1.8.0)
      react-source (>= 0.4.1)
    react-source (0.13.3)
    react.rb (0.3.0)
      opal (~> 0.6.0)
      opal-activesupport (~> 0)
      react-jsx (~> 0.8.0)
      sprockets (>= 2.2.3, < 3.0.0)
      therubyracer (~> 0)
    ref (2.0.0)
    rhymes (1.0.0)
    rjb (1.4.9)
    ruby_rhymes (0.1.2)
    sequel (3.48.0)
    sinatra (1.4.6)
      rack (~> 1.4)
      rack-protection (~> 1.4)
      tilt (>= 1.3, < 3)
    sinatra-activerecord (2.0.6)
      activerecord (>= 3.2)
      sinatra (~> 1.0)
    sinatra-initializers (0.1.4)
    sinatra-partial (0.4.0)
      sinatra
    slim (3.0.6)
      temple (~> 0.7.3)
      tilt (>= 1.3.3, < 2.1)
    source_map (3.0.1)
      json
    sprockets (2.12.4)
      hike (~> 1.2)
      multi_json (~> 1.0)
      rack (~> 1.0)
      tilt (~> 1.1, != 1.3.0)
    sqlite3 (1.3.10)
    stanford-core-nlp (0.5.1)
      bind-it (~> 0.2.5)
    string_to_ipa (0.1.2)
      sqlite3
    temple (0.7.6)
    therubyracer (0.12.2)
      libv8 (~> 3.16.14.0)
      ref
    thread_safe (0.3.5)
    tilt (1.4.1)
    trollop (2.1.2)
    tzinfo (1.2.2)
      thread_safe (~> 0.1)
    wordnet (1.0.0)
      loggability (~> 0.5)
      sequel (~> 3.38)
    wordnet-defaultdb (1.0.1)
      sqlite3 (~> 1.3)
      wordnet (~> 1.0.0.pre)

PLATFORMS
  ruby

DEPENDENCIES
  awesome_print
  marky_markov
  opal
  rake
  react.rb
  rhymes
  ruby_rhymes
  sinatra
  sinatra-activerecord
  sinatra-initializers
  sinatra-partial
  slim
  sqlite3
  stanford-core-nlp
  string_to_ipa
  trollop
  wordnet-defaultdb
